GEM
  remote: https://rubygems.org/
  specs:
    json (1.8.3)
    rack (>= 2.1.4)
    rack-protection (>= 1.5.5)
      rack
    rack-test (0.6.3)
      rack (>= 2.1.4)
    rake (>= 12.3.3)
    sinatra (1.4.6)
      rack (>= 2.1.4)
      rack-protection (>= 1.5.5)
      tilt (>= 1.3, < 3)
    tilt (2.0.1)

PLATFORMS
  ruby

DEPENDENCIES
  json
  rack-test
  rake
  sinatra
